GEM
  remote: http://rubygems.org/
  specs:
    activesupport (3.0.4)
    adsf (1.0.1)
      rack (>= 1.0.0)
    builder (3.0.0)
    coderay (0.9.7)
    compass (0.10.6)
      haml (>= 3.0.4)
    configuration (1.2.0)
    cri (1.0.1)
    eleven40 (1.2)
      compass (>= 0.10.0.rc3)
    fancy-buttons (1.0.6)
      compass (= 0.10.6)
    haml (3.0.25)
    heroku (1.17.10)
      json (~> 1.4.6)
      launchy (~> 0.3.2)
      rest-client (>= 1.4.0, < 1.7.0)
    i18n (0.5.0)
    json (1.4.6)
    launchy (0.3.7)
      configuration (>= 0.0.5)
      rake (>= 0.8.1)
    mime-types (1.16)
    nanoc (3.1.6)
      nanoc3 (>= 3.1.6)
    nanoc3 (3.1.6)
      cri (>= 1.0.0)
    nokogiri (1.4.4)
    rack (1.2.1)
    rack-contrib (1.1.0)
      rack (>= 0.9.1)
    rake (0.8.7)
    rdiscount (1.6.8)
    rest-client (1.6.1)
      mime-types (>= 1.16)

PLATFORMS
  ruby

DEPENDENCIES
  activesupport
  adsf
  builder
  coderay
  compass (= 0.10.6)
  eleven40
  fancy-buttons
  haml
  heroku
  i18n
  mime-types
  nanoc
  nokogiri
  rack
  rack-contrib
  rake
  rdiscount
