GEM
  remote: http://rubygems.org/
  specs:
    adsf (1.0.1)
      rack (>= 1.0.0)
    builder (3.0.0)
    coderay (0.9.3)
    compass (0.10.2)
      haml (>= 3.0.4)
    compass-960-plugin (0.9.13)
      compass (>= 0.10.0.rc3)
    cri (1.0.1)
    fancy-buttons (0.5.4)
      compass (>= 0.10.0)
      haml (>= 3.0.2)
    haml (3.0.12)
    nanoc3 (3.1.3)
      cri (>= 1.0.0)
    nokogiri (1.4.4)
    rack (1.2.1)
    rake (0.8.7)
    rdiscount (1.6.5)

PLATFORMS
  ruby

DEPENDENCIES
  adsf
  builder
  coderay (= 0.9.3)
  compass (= 0.10.2)
  compass-960-plugin (= 0.9.13)
  fancy-buttons (= 0.5.4)
  haml (= 3.0.12)
  nanoc3 (= 3.1.3)
  nokogiri
  rack
  rake
  rdiscount (= 1.6.5)
