GEM
  remote: http://rubygems.org/
  specs:
    activesupport (3.0.4)
    adsf (1.0.1)
      rack (>= 1.0.0)
    anemone (0.5.0)
      nokogiri (>= 1.3.0)
      robots (>= 0.7.2)
    builder (3.0.0)
    coderay (0.9.7)
    compass (0.10.6)
      haml (>= 3.0.4)
    cri (1.0.1)
    eleven40 (1.2)
      compass (>= 0.10.0.rc3)
    fancy-buttons (1.0.6)
      compass (= 0.10.6)
    haml (3.0.25)
    i18n (0.5.0)
    mime-types (1.16)
    nanoc (3.1.6)
      nanoc3 (>= 3.1.6)
    nanoc3 (3.1.6)
      cri (>= 1.0.0)
    nokogiri (1.4.4)
    rack (1.2.1)
    rake (0.8.7)
    rdiscount (1.6.8)
    robots (0.10.0)
    spidr (0.2.7)

PLATFORMS
  ruby

DEPENDENCIES
  activesupport
  adsf
  anemone
  builder
  coderay
  compass (= 0.10.6)
  eleven40
  fancy-buttons
  haml
  i18n
  mime-types
  nanoc
  nokogiri
  rack
  rake
  rdiscount
  spidr
